GIT
  remote: git://github.com/sinatra/sinatra.git
  revision: 27d1716c7388db9f3c07d07c8b0c3c285d5caf42
  specs:
    sinatra (1.4.5)
      rack (~> 1.4)
      rack-protection (~> 1.4)
      tilt (>= 1.3, < 3)

GEM
  remote: https://rubygems.org/
  specs:
    coderay (1.1.0)
    httparty (0.12.0)
      json (~> 1.8)
      multi_xml (>= 0.5.2)
    json (1.8.1)
    method_source (0.8.2)
    multi_xml (0.5.5)
    pry (0.10.1)
      coderay (~> 1.1.0)
      method_source (~> 0.8.1)
      slop (~> 3.4)
    rack (1.6.0)
    rack-protection (1.5.3)
      rack
    rake (10.1.0)
    slop (3.6.0)
    tilt (2.0.1)

PLATFORMS
  ruby

DEPENDENCIES
  httparty
  pry
  rake
  sinatra!
